PATH
  remote: .
  specs:
    shop_on_rails (0.0.1)
      shop_on_rails

GEM
  remote: http://rubygems.org/
  specs:
    gemcutter (0.7.1)
    git (1.2.5)
    jeweler (1.8.4)
      bundler (~> 1.0)
      git (>= 1.2.5)
      rake
      rdoc
    json (1.7.6)
    multi_json (1.5.0)
    rake (10.0.3)
    rdoc (3.12.1)
      json (~> 1.4)
    simplecov (0.7.1)
      multi_json (~> 1.0)
      simplecov-html (~> 0.7.1)
    simplecov-html (0.7.1)

PLATFORMS
  ruby

DEPENDENCIES
  bundler (>= 1.0.0)
  gemcutter
  jeweler (>= 1.8.3)
  shop_on_rails!
  simplecov
